GEM
  remote: https://rubygems.org/
  specs:
    awesome_print (1.8.0)
    coderay (1.1.2)
    method_source (0.9.0)
    pry (0.11.3)
      coderay (~> 1.1.0)
      method_source (~> 0.9.0)
    slop (4.6.1)
    tty-cursor (0.5.0)
    tty-reader (0.2.0)
      tty-cursor (~> 0.5.0)
      tty-screen (~> 0.6.4)
      wisper (~> 2.0.0)
    tty-screen (0.6.4)
    wisper (2.0.0)

PLATFORMS
  ruby

DEPENDENCIES
  awesome_print
  pry
  slop (~> 4.0)
  tty-reader

BUNDLED WITH
   1.16.1
