GEM
  remote: https://rubygems.org/
  specs:
    tty-cursor (0.5.0)
    tty-reader (0.2.0)
      tty-cursor (~> 0.5.0)
      tty-screen (~> 0.6.4)
      wisper (~> 2.0.0)
    tty-screen (0.6.4)
    wisper (2.0.0)

PLATFORMS
  ruby

DEPENDENCIES
  tty-reader

BUNDLED WITH
   1.16.1
